GEM
  remote: http://rubygems.org/
  specs:
    activesupport (3.2.5)
      i18n (~> 0.6)
      multi_json (~> 1.0)
    daemons (1.1.8)
    eventmachine (1.0.0.beta.4.1-x86-mingw32)
    i18n (0.6.0)
    json (1.7.3)
    multi_json (1.3.6)
    nokogiri (1.5.3-x86-mingw32)
    rack (1.4.1)
    rack-protection (1.2.0)
      rack
    scrapify (0.0.4)
      activesupport
      json
      nokogiri
    sinatra (1.3.2)
      rack (~> 1.3, >= 1.3.6)
      rack-protection (~> 1.2)
      tilt (~> 1.3, >= 1.3.3)
    thin (1.3.1)
      daemons (>= 1.0.9)
      eventmachine (>= 0.12.6)
      rack (>= 1.0.0)
    tilt (1.3.3)

PLATFORMS
  x86-mingw32

DEPENDENCIES
  eventmachine (= 1.0.0.beta.4.1)
  scrapify (= 0.0.4)
  sinatra (= 1.3.2)
  thin (= 1.3.1)
