GEM
  remote: http://rubygems.org/
  specs:
    activesupport (3.2.5)
      i18n (~> 0.6)
      multi_json (~> 1.0)
    cgi_multipart_eof_fix (2.5.0)
    gem_plugin (0.2.3)
    i18n (0.6.0)
    json (1.7.3)
    mongrel (1.1.5-x86-mingw32)
      cgi_multipart_eof_fix (>= 2.4)
      gem_plugin (>= 0.2.3)
    multi_json (1.3.6)
    nokogiri (1.5.3)
    nokogiri (1.5.3-x86-mingw32)
    rack (1.4.1)
    rack-protection (1.2.0)
      rack
    scrapify (0.0.4)
      activesupport
      json
      nokogiri
    sinatra (1.3.2)
      rack (~> 1.3, >= 1.3.6)
      rack-protection (~> 1.2)
      tilt (~> 1.3, >= 1.3.3)
    tilt (1.3.3)

PLATFORMS
  x86-mingw32

DEPENDENCIES
  mongrel
  scrapify (= 0.0.4)
  sinatra (= 1.3.2)
